GEM
  remote: https://rubygems.org/
  specs:
    airbrussh (1.3.1)
      sshkit (>= 1.6.1, != 1.7.0)
    capistrano (3.5.0)
      airbrussh (>= 1.0.0)
      capistrano-harrow
      i18n
      rake (>= 10.0.0)
      sshkit (>= 1.9.0)
    capistrano-harrow (0.5.3)
    concurrent-ruby (1.1.3)
    dkdeploy-core (8.0.1)
      capistrano (~> 3.5.0)
      highline (~> 1.7.1)
      sshkit (= 1.10.0)
    dkdeploy-php (7.0.0)
      dkdeploy-core (~> 8.0)
    dkdeploy-typo3-cms (7.0.0)
      dkdeploy-php (~> 7.0)
      phpass-ruby (~> 0.1)
    highline (1.7.10)
    i18n (1.1.1)
      concurrent-ruby (~> 1.0)
    net-scp (1.2.1)
      net-ssh (>= 2.6.5)
    net-ssh (5.0.2)
    phpass-ruby (0.1.2)
    rake (12.3.1)
    sshkit (1.10.0)
      net-scp (>= 1.1.2)
      net-ssh (>= 2.8.0)

PLATFORMS
  ruby

DEPENDENCIES
  dkdeploy-typo3-cms (~> 7.0)

BUNDLED WITH
   1.16.1
