GEM
  remote: https://rubygems.org/
  specs:
    airbrussh (1.4.0)
      sshkit (>= 1.6.1, != 1.7.0)
    capistrano (3.11.2)
      airbrussh (>= 1.0.0)
      i18n
      rake (>= 10.0.0)
      sshkit (>= 1.9.0)
    concurrent-ruby (1.1.10)
    dkdeploy-core (9.2.4)
      capistrano (~> 3.11.0)
      highline (~> 1.7.1)
    dkdeploy-php (8.0.0)
      dkdeploy-core (~> 9.0)
    dkdeploy-typo3-cms (8.1.0)
      dkdeploy-php (~> 8.0)
      phpass-ruby (~> 0.1)
    highline (1.7.10)
    i18n (1.10.0)
      concurrent-ruby (~> 1.0)
    net-scp (3.0.0)
      net-ssh (>= 2.6.5, < 7.0.0)
    net-ssh (6.1.0)
    phpass-ruby (0.1.2)
    rake (13.0.6)
    sshkit (1.21.2)
      net-scp (>= 1.1.2)
      net-ssh (>= 2.8.0)

PLATFORMS
  ruby

DEPENDENCIES
  dkdeploy-typo3-cms (~> 8.1)

BUNDLED WITH
   1.17.3
